GIT
  remote: https://github.com/rwdaigle/heroku-log-parser.git
  revision: 33e46fdee18ffc5cd21a5190008152b02d5f7103
  specs:
    heroku-log-parser (0.4.0)

GEM
  remote: https://rubygems.org/
  specs:
    aws-eventstream (1.2.0)
    aws-partitions (1.651.0)
    aws-sdk-core (3.165.1)
      aws-eventstream (~> 1, >= 1.0.2)
      aws-partitions (~> 1, >= 1.651.0)
      aws-sigv4 (~> 1.5)
      jmespath (~> 1, >= 1.6.1)
    aws-sdk-kms (1.59.0)
      aws-sdk-core (~> 3, >= 3.165.0)
      aws-sigv4 (~> 1.1)
    aws-sdk-s3 (1.117.0)
      aws-sdk-core (~> 3, >= 3.165.0)
      aws-sdk-kms (~> 1)
      aws-sigv4 (~> 1.4)
    aws-sigv4 (1.5.2)
      aws-eventstream (~> 1, >= 1.0.2)
    jmespath (1.6.1)
    mini_portile2 (2.4.0)
    newrelic_rpm (3.15.2.317)
    nio4r (2.5.8)
    nokogiri (1.10.8)
      mini_portile2 (~> 2.4.0)
    puma (4.3.6)
      nio4r (~> 2.0)
    rack (2.2.3)

PLATFORMS
  ruby

DEPENDENCIES
  aws-sdk-s3 (~> 1)
  heroku-log-parser!
  newrelic_rpm
  nokogiri (>= 1.10.8)
  puma (= 4.3.6)
  rack (>= 2.0.8)

RUBY VERSION
   ruby 2.7.3p183

BUNDLED WITH
   2.1.4
